PATH
  remote: .
  specs:
    hayabusa (0.0.30)
      baza (>= 0.0.38)
      datet
      erubis
      http2
      knjrbfw (>= 0.0.114)
      mail
      ruby_process
      tpool
      wref (>= 0.0.6)

GEM
  remote: http://rubygems.org/
  specs:
    array_enumerator (0.0.10)
    ast (2.4.2)
    auto_autoloader (0.0.5)
      string-cases
    baza (0.0.38)
      array_enumerator (~> 0.0.10)
      auto_autoloader (~> 0.0.5)
      datet (~> 0.0.25)
      event_handler (~> 0.0.0)
      simple_delegate (~> 0.0.2)
      string-cases (~> 0.0.4)
      wref (~> 0.0.8)
    datet (0.0.25)
    diff-lcs (1.5.0)
    erubis (2.7.0)
    event_handler (0.0.0)
    http2 (0.0.36)
      string-cases (~> 0)
    json (2.6.2)
    knjrbfw (0.0.114)
      datet
      http2
      php4r
      ruby_process
      tsafe
      wref (>= 0.0.8)
    mail (2.7.1)
      mini_mime (>= 0.1.1)
    mini_mime (1.1.2)
    parallel (1.22.1)
    parser (3.1.2.1)
      ast (~> 2.4.1)
    php4r (0.0.4)
      datet
      http2
      string-strtr
    rainbow (3.1.1)
    regexp_parser (2.5.0)
    rexml (3.2.5)
    rmagick (4.2.6)
    rspec (3.11.0)
      rspec-core (~> 3.11.0)
      rspec-expectations (~> 3.11.0)
      rspec-mocks (~> 3.11.0)
    rspec-core (3.11.0)
      rspec-support (~> 3.11.0)
    rspec-expectations (3.11.0)
      diff-lcs (>= 1.2.0, < 2.0)
      rspec-support (~> 3.11.0)
    rspec-mocks (3.11.1)
      diff-lcs (>= 1.2.0, < 2.0)
      rspec-support (~> 3.11.0)
    rspec-support (3.11.0)
    rubocop (1.36.0)
      json (~> 2.3)
      parallel (~> 1.10)
      parser (>= 3.1.2.1)
      rainbow (>= 2.2.2, < 4.0)
      regexp_parser (>= 1.8, < 3.0)
      rexml (>= 3.2.5, < 4.0)
      rubocop-ast (>= 1.20.1, < 2.0)
      ruby-progressbar (~> 1.7)
      unicode-display_width (>= 1.4.0, < 3.0)
    rubocop-ast (1.21.0)
      parser (>= 3.1.1.0)
    rubocop-performance (1.14.3)
      rubocop (>= 1.7.0, < 2.0)
      rubocop-ast (>= 0.4.0)
    rubocop-rake (0.6.0)
      rubocop (~> 1.0)
    rubocop-rspec (2.12.1)
      rubocop (~> 1.31)
    ruby-progressbar (1.11.0)
    ruby_process (0.0.13)
      string-cases
      tsafe
      wref
    simple_delegate (0.0.4)
    sqlite3 (1.4.4)
    string-cases (0.0.4)
    string-strtr (0.0.3)
    tpool (0.0.4)
    tsafe (0.0.12)
    unicode-display_width (2.2.0)
    wref (0.0.8)

PLATFORMS
  ruby

DEPENDENCIES
  bundler (>= 1.0.0)
  hayabusa!
  json
  php4r
  rmagick
  rspec (>= 2.3.0)
  rubocop
  rubocop-performance
  rubocop-rake
  rubocop-rspec
  sqlite3

BUNDLED WITH
   2.3.8
