GEM
  remote: http://rubygems.org/
  specs:
    addressable (2.4.0)
    builder (3.2.4)
    datet (0.0.25)
    descendants_tracker (0.0.4)
      thread_safe (~> 0.3, >= 0.3.1)
    diff-lcs (1.2.4)
    erubis (2.7.0)
    faraday (0.9.2)
      multipart-post (>= 1.2, < 3)
    git (1.11.0)
      rchardet (~> 1.8)
    github_api (0.16.0)
      addressable (~> 2.4.0)
      descendants_tracker (~> 0.0.4)
      faraday (~> 0.8, < 0.10)
      hashie (>= 3.4)
      mime-types (>= 1.16, < 3.0)
      oauth2 (~> 1.0)
    hashie (5.0.0)
    highline (2.0.3)
    http2 (0.0.22)
    jeweler (2.3.9)
      builder
      bundler
      git (>= 1.2.5)
      github_api (~> 0.16.0)
      highline (>= 1.6.15)
      nokogiri (>= 1.5.10)
      psych
      rake
      rdoc
      semver2
    json (1.8.0)
    jwt (2.3.0)
    knjrbfw (0.0.110)
      datet
      http2
      php4r
      ruby_process
      tsafe
      wref
    mail (2.5.4)
      mime-types (~> 1.16)
      treetop (~> 1.4.8)
    mime-types (1.23)
    mini_portile2 (2.8.0)
    multi_json (1.15.0)
    multi_xml (0.6.0)
    multipart-post (2.1.1)
    nokogiri (1.13.6)
      mini_portile2 (~> 2.8.0)
      racc (~> 1.4)
    oauth2 (1.4.8)
      faraday (>= 0.8, < 3.0)
      jwt (>= 1.0, < 3.0)
      multi_json (~> 1.3)
      multi_xml (~> 0.5)
      rack (>= 1.2, < 3)
    php4r (0.0.4)
      datet
      http2
      string-strtr
    polyglot (0.3.3)
    psych (4.0.3)
      stringio
    racc (1.6.0)
    rack (2.2.3)
    rake (13.0.6)
    rchardet (1.8.0)
    rdoc (6.4.0)
      psych (>= 4.0.0)
    rmagick (2.13.2)
    rspec (2.13.0)
      rspec-core (~> 2.13.0)
      rspec-expectations (~> 2.13.0)
      rspec-mocks (~> 2.13.0)
    rspec-core (2.13.1)
    rspec-expectations (2.13.0)
      diff-lcs (>= 1.1.3, < 2.0)
    rspec-mocks (2.13.1)
    ruby_process (0.0.8)
      tsafe
      wref
    semver2 (3.4.2)
    sqlite3 (1.3.7)
    string-strtr (0.0.3)
    stringio (3.0.2)
    thread_safe (0.3.6)
    tpool (0.0.4)
    treetop (1.4.14)
      polyglot
      polyglot (>= 0.3.1)
    tsafe (0.0.11)
    wref (0.0.6)

PLATFORMS
  ruby

DEPENDENCIES
  bundler (>= 1.0.0)
  datet
  erubis
  http2
  jeweler (~> 2.3.9)
  json
  knjrbfw (= 0.0.110)
  mail
  php4r
  rmagick
  rspec (>= 2.3.0)
  ruby_process
  sqlite3
  tpool
  wref (= 0.0.6)

BUNDLED WITH
   1.11.2
