PATH
  remote: .
  specs:
    hayabusa (0.0.28)
      baza (>= 0.0.38)
      datet
      erubis
      http2
      knjrbfw (>= 0.0.110)
      mail
      ruby_process
      tpool
      wref (>= 0.0.6)

GEM
  remote: http://rubygems.org/
  specs:
    array_enumerator (0.0.10)
    auto_autoloader (0.0.5)
      string-cases
    baza (0.0.38)
      array_enumerator (~> 0.0.10)
      auto_autoloader (~> 0.0.5)
      datet (~> 0.0.25)
      event_handler (~> 0.0.0)
      simple_delegate (~> 0.0.2)
      string-cases (~> 0.0.4)
      wref (~> 0.0.8)
    datet (0.0.25)
    diff-lcs (1.5.0)
    erubis (2.7.0)
    event_handler (0.0.0)
    http2 (0.0.36)
      string-cases (~> 0)
    json (1.8.6)
    knjrbfw (0.0.114)
      datet
      http2
      php4r
      ruby_process
      tsafe
      wref (>= 0.0.8)
    mail (2.7.1)
      mini_mime (>= 0.1.1)
    mini_mime (1.1.2)
    php4r (0.0.4)
      datet
      http2
      string-strtr
    rmagick (4.2.5)
    rspec (2.13.0)
      rspec-core (~> 2.13.0)
      rspec-expectations (~> 2.13.0)
      rspec-mocks (~> 2.13.0)
    rspec-core (2.13.1)
    rspec-expectations (2.13.0)
      diff-lcs (>= 1.1.3, < 2.0)
    rspec-mocks (2.13.1)
    ruby_process (0.0.13)
      string-cases
      tsafe
      wref
    simple_delegate (0.0.2)
    sqlite3 (1.4.2)
    string-cases (0.0.4)
    string-strtr (0.0.3)
    tpool (0.0.4)
    tsafe (0.0.12)
    wref (0.0.8)

PLATFORMS
  ruby

DEPENDENCIES
  bundler (>= 1.0.0)
  hayabusa!
  json
  php4r
  rmagick
  rspec (>= 2.3.0)
  sqlite3

BUNDLED WITH
   1.16.6
