PATH
  remote: .
  specs:
    hayabusa (0.0.30)
      baza (>= 0.0.38)
      datet
      erubis
      http2
      knjrbfw (>= 0.0.114)
      mail
      ruby_process
      tpool
      wref (>= 0.0.6)

GEM
  remote: http://rubygems.org/
  specs:
    array_enumerator (0.0.10)
    ast (2.4.2)
    auto_autoloader (0.0.5)
      string-cases
    baza (0.0.38)
      array_enumerator (~> 0.0.10)
      auto_autoloader (~> 0.0.5)
      datet (~> 0.0.25)
      event_handler (~> 0.0.0)
      simple_delegate (~> 0.0.2)
      string-cases (~> 0.0.4)
      wref (~> 0.0.8)
    date (3.3.3)
    datet (0.0.25)
    diff-lcs (1.5.0)
    erubis (2.7.0)
    event_handler (0.0.0)
    http2 (0.0.36)
      string-cases (~> 0)
    json (2.6.3)
    knjrbfw (0.0.115)
      datet
      http2
      php4r
      ruby_process
      tsafe
      wref (>= 0.0.8)
    mail (2.8.1)
      mini_mime (>= 0.1.1)
      net-imap
      net-pop
      net-smtp
    mini_mime (1.1.2)
    mini_portile2 (2.8.1)
    net-imap (0.3.4)
      date
      net-protocol
    net-pop (0.1.2)
      net-protocol
    net-protocol (0.2.1)
      timeout
    net-smtp (0.3.3)
      net-protocol
    parallel (1.22.1)
    parser (3.2.0.0)
      ast (~> 2.4.1)
    php4r (0.0.4)
      datet
      http2
      string-strtr
    pkg-config (1.4.9)
    rainbow (3.1.1)
    regexp_parser (2.6.2)
    rexml (3.2.5)
    rmagick (5.1.0)
      pkg-config (~> 1.4)
    rspec (3.12.0)
      rspec-core (~> 3.12.0)
      rspec-expectations (~> 3.12.0)
      rspec-mocks (~> 3.12.0)
    rspec-core (3.12.0)
      rspec-support (~> 3.12.0)
    rspec-expectations (3.12.0)
      diff-lcs (>= 1.2.0, < 2.0)
      rspec-support (~> 3.12.0)
    rspec-mocks (3.12.0)
      diff-lcs (>= 1.2.0, < 2.0)
      rspec-support (~> 3.12.0)
    rspec-support (3.12.0)
    rubocop (1.44.1)
      json (~> 2.3)
      parallel (~> 1.10)
      parser (>= 3.2.0.0)
      rainbow (>= 2.2.2, < 4.0)
      regexp_parser (>= 1.8, < 3.0)
      rexml (>= 3.2.5, < 4.0)
      rubocop-ast (>= 1.24.1, < 2.0)
      ruby-progressbar (~> 1.7)
      unicode-display_width (>= 2.4.0, < 3.0)
    rubocop-ast (1.24.1)
      parser (>= 3.1.1.0)
    rubocop-capybara (2.17.0)
      rubocop (~> 1.41)
    rubocop-performance (1.16.0)
      rubocop (>= 1.7.0, < 2.0)
      rubocop-ast (>= 0.4.0)
    rubocop-rake (0.6.0)
      rubocop (~> 1.0)
    rubocop-rspec (2.18.1)
      rubocop (~> 1.33)
      rubocop-capybara (~> 2.17)
    ruby-progressbar (1.11.0)
    ruby_process (0.0.13)
      string-cases
      tsafe
      wref
    simple_delegate (0.0.4)
    sqlite3 (1.6.0)
      mini_portile2 (~> 2.8.0)
    string-cases (0.0.4)
    string-strtr (0.0.3)
    timeout (0.3.1)
    tpool (0.0.4)
    tsafe (0.0.12)
    unicode-display_width (2.4.2)
    wref (0.0.8)

PLATFORMS
  ruby

DEPENDENCIES
  bundler (>= 1.0.0)
  hayabusa!
  json
  php4r
  rmagick
  rspec (>= 2.3.0)
  rubocop
  rubocop-performance
  rubocop-rake
  rubocop-rspec
  sqlite3

BUNDLED WITH
   2.3.8
