GEM
  remote: http://rubygems.org/
  specs:
    datet (0.0.25)
    diff-lcs (1.2.4)
    erubis (2.7.0)
    fcgi (0.9.1)
    git (1.2.5)
    http2 (0.0.22)
    jeweler (1.6.4)
      bundler (~> 1.0)
      git (>= 1.2.5)
      rake
    json (1.8.0)
    knjrbfw (0.0.107)
      datet
      http2
      php4r
      ruby_process
      tsafe
      wref
    mail (2.5.4)
      mime-types (~> 1.16)
      treetop (~> 1.4.8)
    mime-types (1.23)
    php4r (0.0.4)
      datet
      http2
      string-strtr
    polyglot (0.3.3)
    rake (10.1.0)
    rmagick (2.13.2)
    rspec (2.13.0)
      rspec-core (~> 2.13.0)
      rspec-expectations (~> 2.13.0)
      rspec-mocks (~> 2.13.0)
    rspec-core (2.13.1)
    rspec-expectations (2.13.0)
      diff-lcs (>= 1.1.3, < 2.0)
    rspec-mocks (2.13.1)
    ruby_process (0.0.8)
      tsafe
      wref
    sqlite3 (1.3.7)
    string-strtr (0.0.3)
    tpool (0.0.4)
    treetop (1.4.14)
      polyglot
      polyglot (>= 0.3.1)
    tsafe (0.0.11)
    wref (0.0.6)

PLATFORMS
  ruby

DEPENDENCIES
  bundler (>= 1.0.0)
  datet
  erubis
  fcgi
  http2
  jeweler (~> 1.6.3)
  json
  knjrbfw
  mail
  rmagick
  rspec (>= 2.3.0)
  ruby_process
  sqlite3
  tpool
