PATH
  remote: .
  specs:
    hayabusa (0.0.30)
      baza (>= 0.0.38)
      datet
      erubis
      http2
      knjrbfw (>= 0.0.114)
      mail
      ruby_process
      tpool
      wref (>= 0.0.6)

GEM
  remote: http://rubygems.org/
  specs:
    array_enumerator (0.0.10)
    ast (2.4.3)
    auto_autoloader (0.0.5)
      string-cases
    baza (0.0.38)
      array_enumerator (~> 0.0.10)
      auto_autoloader (~> 0.0.5)
      datet (~> 0.0.25)
      event_handler (~> 0.0.0)
      simple_delegate (~> 0.0.2)
      string-cases (~> 0.0.4)
      wref (~> 0.0.8)
    date (3.3.3)
    datet (0.0.25)
    diff-lcs (1.5.1)
    erubis (2.7.0)
    event_handler (0.0.0)
    http2 (0.0.36)
      string-cases (~> 0)
    json (2.12.0)
    knjrbfw (0.0.116)
      datet
      http2
      php4r
      ruby_process
      tsafe
      wref (>= 0.0.8)
    language_server-protocol (3.17.0.4)
    lint_roller (1.1.0)
    mail (2.8.1)
      mini_mime (>= 0.1.1)
      net-imap
      net-pop
      net-smtp
    mini_mime (1.1.2)
    mini_portile2 (2.8.5)
    net-imap (0.3.4)
      date
      net-protocol
    net-pop (0.1.2)
      net-protocol
    net-protocol (0.2.1)
      timeout
    net-smtp (0.3.3)
      net-protocol
    observer (0.1.2)
    parallel (1.26.3)
    parser (3.3.7.4)
      ast (~> 2.4.1)
      racc
    php4r (0.0.4)
      datet
      http2
      string-strtr
    pkg-config (1.5.6)
    prism (1.4.0)
    racc (1.8.1)
    rainbow (3.1.1)
    ref (2.0.0)
    regexp_parser (2.10.0)
    rmagick (5.5.0)
      observer (~> 0.1)
      pkg-config (~> 1.4)
    rspec (3.13.0)
      rspec-core (~> 3.13.0)
      rspec-expectations (~> 3.13.0)
      rspec-mocks (~> 3.13.0)
    rspec-core (3.13.0)
      rspec-support (~> 3.13.0)
    rspec-expectations (3.13.0)
      diff-lcs (>= 1.2.0, < 2.0)
      rspec-support (~> 3.13.0)
    rspec-mocks (3.13.0)
      diff-lcs (>= 1.2.0, < 2.0)
      rspec-support (~> 3.13.0)
    rspec-support (3.13.0)
    rubocop (1.75.1)
      json (~> 2.3)
      language_server-protocol (~> 3.17.0.2)
      lint_roller (~> 1.1.0)
      parallel (~> 1.10)
      parser (>= 3.3.0.2)
      rainbow (>= 2.2.2, < 4.0)
      regexp_parser (>= 2.9.3, < 3.0)
      rubocop-ast (>= 1.43.0, < 2.0)
      ruby-progressbar (~> 1.7)
      unicode-display_width (>= 2.4.0, < 4.0)
    rubocop-ast (1.43.0)
      parser (>= 3.3.7.2)
      prism (~> 1.4)
    rubocop-performance (1.25.0)
      lint_roller (~> 1.1)
      rubocop (>= 1.75.0, < 2.0)
      rubocop-ast (>= 1.38.0, < 2.0)
    rubocop-rake (0.7.1)
      lint_roller (~> 1.1)
      rubocop (>= 1.72.1)
    rubocop-rspec (3.4.0)
      rubocop (~> 1.61)
    ruby-progressbar (1.13.0)
    ruby_process (0.0.13)
      string-cases
      tsafe
      wref
    simple_delegate (0.0.4)
    sqlite3 (1.6.9)
      mini_portile2 (~> 2.8.0)
    string-cases (0.0.4)
    string-strtr (0.0.3)
    timeout (0.3.1)
    tpool (0.0.4)
    tsafe (0.0.12)
    unicode-display_width (3.1.4)
      unicode-emoji (~> 4.0, >= 4.0.4)
    unicode-emoji (4.0.4)
    wref (0.0.11)
      ref

PLATFORMS
  ruby

DEPENDENCIES
  bundler (>= 1.0.0)
  hayabusa!
  json
  php4r
  rmagick
  rspec (>= 2.3.0)
  rubocop
  rubocop-performance
  rubocop-rake
  rubocop-rspec
  sqlite3

BUNDLED WITH
   2.3.8
