GEM
  remote: http://rubygems.org/
  specs:
    addressable (2.3.6)
    builder (3.2.2)
    datet (0.0.25)
    diff-lcs (1.2.4)
    erubis (2.7.0)
    faraday (0.8.9)
      multipart-post (~> 1.2.0)
    git (1.2.8)
    github_api (0.10.1)
      addressable
      faraday (~> 0.8.1)
      hashie (>= 1.2)
      multi_json (~> 1.4)
      nokogiri (~> 1.5.2)
      oauth2
    hashie (3.3.2)
    highline (1.6.21)
    http2 (0.0.22)
    jeweler (1.8.8)
      builder
      bundler (~> 1.0)
      git (>= 1.2.5)
      github_api (= 0.10.1)
      highline (>= 1.6.15)
      nokogiri (= 1.5.10)
      rake
      rdoc
    json (1.8.0)
    jwt (1.2.0)
    knjrbfw (0.0.110)
      datet
      http2
      php4r
      ruby_process
      tsafe
      wref
    mail (2.7.1)
      mini_mime (>= 0.1.1)
    mini_mime (1.1.2)
    multi_json (1.10.1)
    multi_xml (0.5.5)
    multipart-post (1.2.0)
    nokogiri (1.5.10)
    oauth2 (1.0.0)
      faraday (>= 0.8, < 0.10)
      jwt (~> 1.0)
      multi_json (~> 1.3)
      multi_xml (~> 0.5)
      rack (~> 1.2)
    php4r (0.0.4)
      datet
      http2
      string-strtr
    rack (1.5.2)
    rake (10.4.2)
    rdoc (4.1.2)
      json (~> 1.4)
    rmagick (2.13.2)
    rspec (2.13.0)
      rspec-core (~> 2.13.0)
      rspec-expectations (~> 2.13.0)
      rspec-mocks (~> 2.13.0)
    rspec-core (2.13.1)
    rspec-expectations (2.13.0)
      diff-lcs (>= 1.1.3, < 2.0)
    rspec-mocks (2.13.1)
    ruby_process (0.0.8)
      tsafe
      wref
    sqlite3 (1.3.7)
    string-strtr (0.0.3)
    tpool (0.0.4)
    tsafe (0.0.11)
    wref (0.0.6)

PLATFORMS
  ruby

DEPENDENCIES
  bundler (>= 1.0.0)
  datet
  erubis
  http2
  jeweler (~> 1.8.8)
  json
  knjrbfw (= 0.0.110)
  mail
  php4r
  rmagick
  rspec (>= 2.3.0)
  ruby_process
  sqlite3
  tpool
  wref (= 0.0.6)

BUNDLED WITH
   1.11.2
